FRAMEWORK: NET45
NUGET
  remote: https://www.nuget.org/api/v2
    AutoFixture (3.48)
    dbup (3.3.4)
    dbup-postgresql (3.3.4)
      dbup (>= 3.3.4)
      Npgsql (>= 2.2.1)
    FAKE (4.29.2)
    Fixie (1.0.1)
    IdentityServer3 (2.5)
      Owin (>= 1.0)
    Newtonsoft.Json (9.0.1)
    Npgsql (3.1.5)
    Owin (1.0)
    Shouldly (2.8)
    structuremap (4.2.0.402)
